GEM
  remote: https://rubygems.org/
  specs:
    colors (0.0.7)
    columnize (0.9.0)

PLATFORMS
  ruby

DEPENDENCIES
  colors
  columnize
